
type = string-attribute
name = HISTORY_NOTE
count = 1254
'[xl872@yulab.nmr.mgh.harvard.edu: Tue May  2 20:00:16 2023] {AFNI_23.0.02:linux_centos_7_64} 3dDespike -NEW -nomask -prefix pb01.allMice.average.stim.r01.despike pb00.allMice.average.stim.r01.tcat+orig\n[xl872@yulab.nmr.mgh.harvard.edu: Tue May  2 20:00:24 2023] {AFNI_23.0.02:linux_centos_7_64} 3dvolreg -verbose -zpad 1 -base vr_base+orig -1Dfile dfile.r01.1D -prefix pb02.allMice.average.stim.r01.volreg -cubic pb01.allMice.average.stim.r01.despike+orig\n[xl872@yulab.nmr.mgh.harvard.edu: Tue May  2 20:08:35 2023] {AFNI_23.0.02:linux_centos_7_64} 3dmerge -1blur_fwhm 0.3 -doall -prefix pb03.allMice.average.stim.r01.blur pb02.allMice.average.stim.r01.volreg+orig\n[xl872@yulab.nmr.mgh.harvard.edu: Tue May  2 20:09:12 2023] {AFNI_23.0.02:linux_centos_7_64} 3dDeconvolve -input pb03.allMice.average.stim.r01.blur+orig.HEAD -mask mask_import_100mask+orig -ortvec motion_demean.1D mot_demean -ortvec motion_deriv.1D mot_deriv -polort 3 -float -num_stimts 1 -stim_times 1 stimuli/vis_stim_BLOCK.txt 'BLOCK(4,1)' -stim_label 1 vis -GOFORIT 10 -fout -tout -x1D X.xmat.1D -xjpeg X.jpg -errts errts.allMice.average.stim -bucket stats.allMice.average.stim\n[xl872@yulab.nmr.mgh.harvard.edu: Tue May  2 20:09:12 2023] Output prefix: stats.allMice.average.stim~

type = string-attribute
name = TYPESTRING
count = 15
'3DIM_HEAD_FUNC~

type = string-attribute
name = IDCODE_STRING
count = 27
'AFN_RM9CQmpMo8nGNRgrjrJ1Ig~

type = string-attribute
name = IDCODE_DATE
count = 25
'Tue May  2 20:09:12 2023~

type = integer-attribute
name = SCENE_DATA
count = 8
 0 11 1 -999 -999
 -999 -999 -999

type = string-attribute
name = LABEL_1
count = 5
'zyxt~

type = string-attribute
name = LABEL_2
count = 5
'zyxt~

type = string-attribute
name = DATASET_NAME
count = 5
'zyxt~

type = integer-attribute
name = ORIENT_SPECIFIC
count = 3
 1 2 4

type  = float-attribute
name  = ORIGIN
count = 3
          5.041         9.7895         -3.691

type  = float-attribute
name  = DELTA
count = 3
           -0.1           -0.1            0.1

type  = float-attribute
name  = IJK_TO_DICOM
count = 12
           -0.1              0              0          5.041              0
           -0.1              0         9.7895              0              0
            0.1         -3.691

type  = float-attribute
name  = IJK_TO_DICOM_REAL
count = 12
           -0.1              0              0          5.041              0
           -0.1              0         9.7895              0              0
            0.1         -3.691

type  = float-attribute
name  = BRICK_STATS
count = 8
              0       200.7208     -0.8754516        1.60998      -9.857029
       14.16759              0       200.7208

type = integer-attribute
name = DATASET_RANK
count = 8
 3 4 0 0 0
 0 0 0

type = integer-attribute
name = DATASET_DIMENSIONS
count = 5
 102 197 75 0 0

type = integer-attribute
name = BRICK_TYPES
count = 4
 3 3 3 3

type  = float-attribute
name  = BRICK_FLOAT_FACS
count = 4
              0              0              0              0

type = string-attribute
name = BRICK_LABS
count = 44
'Full_Fstat~vis#0_Coef~vis#0_Tstat~vis_Fstat~

type  = float-attribute
name  = BRICK_STATAUX
count = 14
              0              4              2              1            188
              2              3              1            188              3
              4              2              1            188

type = string-attribute
name = BRICK_STATSYM
count = 42
'Ftest(1,188);none;Ttest(188);Ftest(1,188)~

type  = float-attribute
name  = FDRCURVE_000000
count = 103
   1.152085e-05       1.005236      0.5002319      0.8468972       1.120201
       1.353256       1.564067       1.757289       1.937216       2.107311
       2.269437       2.422253       2.569989       2.710636       2.846085
       2.976479        3.10291       3.224943       3.342412       3.456499
       3.567932       3.675428       3.779458       3.881554       3.980337
       4.077397       4.171418       4.263316       4.353377       4.442241
       4.528111       4.612658       4.695328       4.777502       4.858203
       4.937753       5.014791       5.090751        5.16525       5.237393
       5.309467       5.379919        5.44954       5.517714       5.585303
       5.651333       5.717469       5.781709       5.845811       5.908787
       5.969752        6.03006       6.090233       6.150059       6.208885
       6.267339       6.324876       6.381814       6.437873       6.493184
       6.547808       6.601439       6.655001       6.707619       6.759582
       6.810263       6.861393       6.912001       6.961979       7.011229
       7.059686       7.107927       7.155291        7.20281        7.24954
       7.295616       7.341199       7.387124       7.430609       7.460564
       7.460598        7.46063       7.460663       7.460696       7.460729
       7.460762       7.460794       7.460827        7.46086       7.460893
       7.460927       7.460958       7.460992       7.461025       7.461058
       7.461091       7.461123       7.461156       7.461189       7.461222
       7.461255       7.461288        7.46161

type  = float-attribute
name  = FDRCURVE_000002
count = 103
   0.0001384922      0.1138565      0.4988662      0.5428503      0.5909724
      0.6433899      0.6984899      0.7571841      0.8095806      0.8184049
      0.8184049      0.8605002      0.9319412       1.006696       1.084282
       1.163751       1.246905       1.330962       1.418691       1.507983
        1.59999       1.692735       1.786458       1.882175       1.979365
       2.077536       2.178275       2.278701       2.379499       2.482784
       2.585663       2.689194       2.793463       2.897876       3.003037
       3.108304       3.213923       3.318788       3.424321       3.529771
       3.635023           3.74       3.844718       3.948922       4.053355
       4.157189       4.260216       4.363713       4.467309       4.569897
        4.67173       4.774537       4.877237       4.979718       5.080809
        5.18152       5.281368       5.380753       5.480343       5.578511
       5.676816       5.775028       5.872443       5.968943       6.064929
       6.160707       6.256996       6.352726       6.447547       6.542024
       6.635471       6.728161       6.819778         6.9125       7.003987
       7.094886       7.184811       7.274459       7.363771       7.451745
       7.460629       7.460721       7.460813       7.460904       7.460996
       7.461087       7.461179        7.46127       7.461362       7.461453
       7.461545       7.461604       7.461604       7.461604       7.461604
       7.461604       7.461604       7.461604       7.461604       7.461604
       7.461604       7.461604       7.461604

type  = float-attribute
name  = FDRCURVE_000003
count = 103
   1.152085e-05       1.005236      0.5002319      0.8468972       1.120201
       1.353256       1.564067       1.757289       1.937216       2.107311
       2.269437       2.422253       2.569989       2.710636       2.846085
       2.976479        3.10291       3.224943       3.342412       3.456499
       3.567932       3.675428       3.779458       3.881554       3.980337
       4.077397       4.171418       4.263316       4.353377       4.442241
       4.528111       4.612658       4.695328       4.777502       4.858203
       4.937753       5.014791       5.090751        5.16525       5.237393
       5.309467       5.379919        5.44954       5.517714       5.585303
       5.651333       5.717469       5.781709       5.845811       5.908787
       5.969752        6.03006       6.090233       6.150059       6.208885
       6.267339       6.324876       6.381814       6.437873       6.493184
       6.547808       6.601439       6.655001       6.707619       6.759582
       6.810263       6.861393       6.912001       6.961979       7.011229
       7.059686       7.107927       7.155291        7.20281        7.24954
       7.295616       7.341199       7.387124       7.430609       7.460564
       7.460598        7.46063       7.460663       7.460696       7.460729
       7.460762       7.460794       7.460827        7.46086       7.460893
       7.460927       7.460958       7.460992       7.461025       7.461058
       7.461091       7.461123       7.461156       7.461189       7.461222
       7.461255       7.461288        7.46161

type  = float-attribute
name  = MDFCURVE_000000
count = 76
            -15      0.2012182      0.9990051      0.9684467      0.9675838
      0.9665239      0.9654049      0.9643779      0.9632456      0.9620353
      0.9607457      0.9596072      0.9584018      0.9570873      0.9555179
      0.9539523      0.9526448       0.951075      0.9494108      0.9478739
      0.9461451      0.9445559       0.942744      0.9410052      0.9390144
      0.9367249      0.9341528      0.9316571      0.9291385      0.9265188
       0.923946      0.9208221      0.9178317      0.9144124      0.9110472
      0.9072441      0.9034699      0.8989996      0.8950148      0.8903433
      0.8860524      0.8815923      0.8765491      0.8706262      0.8640802
      0.8570902      0.8500735      0.8421888      0.8335549      0.8241183
      0.8142024      0.8036427       0.792108      0.7787033      0.7647253
      0.7501468      0.7332609      0.7150261      0.6945332      0.6712962
      0.6469452      0.6177095      0.5851426      0.5482348      0.5080831
      0.4614645      0.4091258      0.3540168      0.2922103      0.2272043
      0.1665307      0.1172839     0.09355289     0.09355289     0.09355289
              0

type  = float-attribute
name  = MDFCURVE_000002
count = 76
            -15      0.2012182      0.9990029      0.9683777       0.967513
      0.9664509      0.9653293         0.9643      0.9631653      0.9619523
      0.9606599      0.9595189      0.9583108      0.9569936      0.9554207
      0.9538516      0.9525412       0.950968      0.9493003      0.9477601
      0.9460275      0.9444348       0.942619      0.9408764      0.9388812
      0.9365866       0.934009      0.9315077      0.9289836      0.9263582
      0.9237798      0.9206492      0.9176522      0.9142253      0.9108528
      0.9070414      0.9032591      0.8987788      0.8947853      0.8901037
      0.8858035      0.8813337      0.8762795      0.8703434      0.8637832
       0.856778      0.8497461       0.841844      0.8331912       0.823734
      0.8137963      0.8032137      0.7916539      0.7782199      0.7642114
      0.7496011      0.7326781      0.7144041      0.6938667      0.6705794
      0.6461758      0.6168776      0.5842422      0.5472559       0.507022
      0.4603087      0.4078681      0.3526599      0.2907484      0.2256513
      0.1649245      0.1156985     0.09209657     0.09209657     0.09209657
              0

type  = float-attribute
name  = MDFCURVE_000003
count = 76
            -15      0.2012182      0.9990051      0.9684467      0.9675838
      0.9665239      0.9654049      0.9643779      0.9632456      0.9620353
      0.9607457      0.9596072      0.9584018      0.9570873      0.9555179
      0.9539523      0.9526448       0.951075      0.9494108      0.9478739
      0.9461451      0.9445559       0.942744      0.9410052      0.9390144
      0.9367249      0.9341528      0.9316571      0.9291385      0.9265188
       0.923946      0.9208221      0.9178317      0.9144124      0.9110472
      0.9072441      0.9034699      0.8989996      0.8950148      0.8903433
      0.8860524      0.8815923      0.8765491      0.8706262      0.8640802
      0.8570902      0.8500735      0.8421888      0.8335549      0.8241183
      0.8142024      0.8036427       0.792108      0.7787033      0.7647253
      0.7501468      0.7332609      0.7150261      0.6945332      0.6712962
      0.6469452      0.6177095      0.5851426      0.5482348      0.5080831
      0.4614645      0.4091258      0.3540168      0.2922103      0.2272043
      0.1665307      0.1172839     0.09355289     0.09355289     0.09355289
              0

type = string-attribute
name = TEMPLATE_SPACE
count = 5
'ORIG~

type = integer-attribute
name = INT_CMAP
count = 1
 0

type = string-attribute
name = BYTEORDER_STRING
count = 10
'LSB_FIRST~
