
type = string-attribute
name = HISTORY_NOTE
count = 1254
'[xl872@yulab.nmr.mgh.harvard.edu: Wed May  3 10:55:29 2023] {AFNI_23.0.02:linux_centos_7_64} 3dDespike -NEW -nomask -prefix pb01.allMice.average.stim.r01.despike pb00.allMice.average.stim.r01.tcat+orig\n[xl872@yulab.nmr.mgh.harvard.edu: Wed May  3 10:55:39 2023] {AFNI_23.0.02:linux_centos_7_64} 3dvolreg -verbose -zpad 1 -base vr_base+orig -1Dfile dfile.r01.1D -prefix pb02.allMice.average.stim.r01.volreg -cubic pb01.allMice.average.stim.r01.despike+orig\n[xl872@yulab.nmr.mgh.harvard.edu: Wed May  3 11:03:46 2023] {AFNI_23.0.02:linux_centos_7_64} 3dmerge -1blur_fwhm 0.3 -doall -prefix pb03.allMice.average.stim.r01.blur pb02.allMice.average.stim.r01.volreg+orig\n[xl872@yulab.nmr.mgh.harvard.edu: Wed May  3 11:04:26 2023] {AFNI_23.0.02:linux_centos_7_64} 3dDeconvolve -input pb03.allMice.average.stim.r01.blur+orig.HEAD -mask mask_import_100mask+orig -ortvec motion_demean.1D mot_demean -ortvec motion_deriv.1D mot_deriv -polort 3 -float -num_stimts 1 -stim_times 1 stimuli/vis_stim_BLOCK.txt 'BLOCK(4,1)' -stim_label 1 vis -GOFORIT 10 -fout -tout -x1D X.xmat.1D -xjpeg X.jpg -errts errts.allMice.average.stim -bucket stats.allMice.average.stim\n[xl872@yulab.nmr.mgh.harvard.edu: Wed May  3 11:04:26 2023] Output prefix: stats.allMice.average.stim~

type = string-attribute
name = TYPESTRING
count = 15
'3DIM_HEAD_FUNC~

type = string-attribute
name = IDCODE_STRING
count = 27
'AFN_MQXDGXZ-MCVFPm1qVKU4PQ~

type = string-attribute
name = IDCODE_DATE
count = 25
'Wed May  3 11:04:26 2023~

type = integer-attribute
name = SCENE_DATA
count = 8
 0 11 1 -999 -999
 -999 -999 -999

type = string-attribute
name = LABEL_1
count = 5
'zyxt~

type = string-attribute
name = LABEL_2
count = 5
'zyxt~

type = string-attribute
name = DATASET_NAME
count = 5
'zyxt~

type = integer-attribute
name = ORIENT_SPECIFIC
count = 3
 1 2 4

type  = float-attribute
name  = ORIGIN
count = 3
          5.041         9.7895         -3.691

type  = float-attribute
name  = DELTA
count = 3
           -0.1           -0.1            0.1

type  = float-attribute
name  = IJK_TO_DICOM
count = 12
           -0.1              0              0          5.041              0
           -0.1              0         9.7895              0              0
            0.1         -3.691

type  = float-attribute
name  = IJK_TO_DICOM_REAL
count = 12
           -0.1              0              0          5.041              0
           -0.1              0         9.7895              0              0
            0.1         -3.691

type  = float-attribute
name  = BRICK_STATS
count = 8
              0       305.7722     -0.6915965       2.218994      -4.475423
       17.48635              0       305.7722

type = integer-attribute
name = DATASET_RANK
count = 8
 3 4 0 0 0
 0 0 0

type = integer-attribute
name = DATASET_DIMENSIONS
count = 5
 102 197 75 0 0

type = integer-attribute
name = BRICK_TYPES
count = 4
 3 3 3 3

type  = float-attribute
name  = BRICK_FLOAT_FACS
count = 4
              0              0              0              0

type = string-attribute
name = BRICK_LABS
count = 44
'Full_Fstat~vis#0_Coef~vis#0_Tstat~vis_Fstat~

type  = float-attribute
name  = BRICK_STATAUX
count = 14
              0              4              2              1            188
              2              3              1            188              3
              4              2              1            188

type = string-attribute
name = BRICK_STATSYM
count = 42
'Ftest(1,188);none;Ttest(188);Ftest(1,188)~

type  = float-attribute
name  = FDRCURVE_000000
count = 103
   1.125668e-05       1.143878      0.4606074      0.8699943       1.169888
       1.432838       1.670822       1.888962       2.092212       2.283073
       2.464644       2.636836       2.800958       2.958327       3.109055
       3.253777       3.392165       3.526373       3.655157       3.779328
        3.89967       4.016602       4.129313       4.239024        4.34591
        4.44931       4.550487       4.649453       4.744965       4.839049
       4.929904       5.019333       5.107705       5.193241       5.276859
       5.359361       5.440357       5.519495       5.597817       5.674167
       5.749735       5.823895       5.896877       5.968589        6.03973
       6.109742       6.178349        6.24669       6.313134       6.379099
       6.443892       6.507721       6.571009       6.633432       6.693973
       6.754008       6.813632       6.871869       6.930517       6.987666
       7.044207       7.099857       7.155285        7.20934       7.263538
       7.316611       7.368423       7.420294       7.470721        7.52164
       7.540473       7.540626       7.540779       7.540932       7.540996
       7.540997       7.540996       7.540996       7.540996       7.540997
       7.540997       7.540996       7.540996       7.540996       7.540996
       7.540996       7.540996       7.540996       7.540996       7.540997
       7.540996       7.540996       7.540996       7.540996       7.540996
       7.540996       7.540996       7.540996       7.540996       7.540996
       7.540996       7.540996       7.540996

type  = float-attribute
name  = FDRCURVE_000002
count = 103
   0.0001343169      0.1147517      0.4597057      0.4668471      0.4668471
      0.4907694      0.5400697      0.5940936      0.6514443      0.7137497
       0.778669       0.847392      0.9193473      0.9934844       1.072028
       1.154699       1.240281       1.329276       1.419884       1.513099
       1.609104       1.705693       1.804328       1.905418       2.007374
       2.109842       2.214046        2.31956       2.426226       2.533016
       2.641163       2.749681       2.858821       2.968091       3.077816
        3.18791       3.297055       3.406329       3.515859       3.624691
       3.732752       3.841108       3.949097       4.056731       4.163477
       4.269959       4.375873       4.481114       4.586355       4.690856
       4.794569        4.89753       4.999873       5.102796         5.2043
       5.304958       5.405771       5.505554       5.605703       5.704703
       5.803807        5.90231       6.000077       6.098278       6.195875
       6.292721       6.388871       6.484947        6.58016       6.674283
       6.767993       6.860764       6.954102       7.046033       7.137542
        7.22827       7.318772       7.407575       7.495757       7.540406
       7.540474       7.540543       7.540612       7.540681        7.54075
       7.540819       7.540888       7.540957        7.54099        7.54099
        7.54099        7.54099        7.54099        7.54099        7.54099
        7.54099        7.54099        7.54099       7.540991        7.54099
        7.54099        7.54099        7.54099

type  = float-attribute
name  = FDRCURVE_000003
count = 103
   1.125668e-05       1.143878      0.4606074      0.8699943       1.169888
       1.432838       1.670822       1.888962       2.092212       2.283073
       2.464644       2.636836       2.800958       2.958327       3.109055
       3.253777       3.392165       3.526373       3.655157       3.779328
        3.89967       4.016602       4.129313       4.239024        4.34591
        4.44931       4.550487       4.649453       4.744965       4.839049
       4.929904       5.019333       5.107705       5.193241       5.276859
       5.359361       5.440357       5.519495       5.597817       5.674167
       5.749735       5.823895       5.896877       5.968589        6.03973
       6.109742       6.178349        6.24669       6.313134       6.379099
       6.443892       6.507721       6.571009       6.633432       6.693973
       6.754008       6.813632       6.871869       6.930517       6.987666
       7.044207       7.099857       7.155285        7.20934       7.263538
       7.316611       7.368423       7.420294       7.470721        7.52164
       7.540473       7.540626       7.540779       7.540932       7.540996
       7.540997       7.540996       7.540996       7.540996       7.540997
       7.540997       7.540996       7.540996       7.540996       7.540996
       7.540996       7.540996       7.540996       7.540996       7.540997
       7.540996       7.540996       7.540996       7.540996       7.540996
       7.540996       7.540996       7.540996       7.540996       7.540996
       7.540996       7.540996       7.540996

type  = float-attribute
name  = MDFCURVE_000000
count = 73
            -15      0.2012955      0.9990107      0.9354801      0.9331321
      0.9311757      0.9288965      0.9268073      0.9248879      0.9226566
      0.9205737      0.9183798      0.9159118      0.9137285      0.9113418
        0.90874       0.906316      0.9031637      0.9007483      0.8982034
       0.895412      0.8924178      0.8896191      0.8864375      0.8836471
      0.8803281      0.8770061      0.8735061      0.8695886       0.865405
      0.8611667      0.8567752      0.8517548       0.846977      0.8416281
      0.8360995      0.8304582      0.8238501      0.8176039      0.8110561
       0.804498       0.796939      0.7889999      0.7811537      0.7726309
      0.7643458      0.7552816      0.7451837      0.7352787       0.724807
      0.7132072      0.7011349       0.688765       0.675068      0.6597755
      0.6430693      0.6266364      0.6081401      0.5865271       0.564308
      0.5394136      0.5109882       0.479434       0.443513      0.4023684
      0.3567396      0.3046109      0.2470458      0.1865433      0.1245444
     0.06470478     0.01766631              0

type  = float-attribute
name  = MDFCURVE_000002
count = 73
            -15      0.2012956      0.9990099      0.9354218      0.9330717
      0.9311136      0.9288324      0.9267412      0.9248201      0.9225869
      0.9205018      0.9183061       0.915836      0.9136507      0.9112618
      0.9086576      0.9062314      0.9030763      0.9006585      0.8981115
      0.8953176      0.8923206      0.8895193      0.8863351       0.883542
        0.88022       0.876895      0.8733919      0.8694708      0.8652833
      0.8610413      0.8566458      0.8516208      0.8468388      0.8414851
      0.8359513       0.830305       0.823691      0.8174393      0.8108854
      0.8043214      0.7967555      0.7888092      0.7809559      0.7724255
      0.7641327      0.7550603      0.7449534       0.735037      0.7245586
       0.712948      0.7008649       0.688484       0.674774      0.6594682
      0.6427471      0.6262996      0.6077868      0.5861546      0.5639164
      0.5390009      0.5105518      0.4789722      0.4430239      0.4018502
      0.3561932      0.3040376      0.2464537      0.1859489      0.1239776
     0.06421518     0.01733966              0

type  = float-attribute
name  = MDFCURVE_000003
count = 73
            -15      0.2012955      0.9990107      0.9354801      0.9331321
      0.9311757      0.9288965      0.9268073      0.9248879      0.9226566
      0.9205737      0.9183798      0.9159118      0.9137285      0.9113418
        0.90874       0.906316      0.9031637      0.9007483      0.8982034
       0.895412      0.8924178      0.8896191      0.8864375      0.8836471
      0.8803281      0.8770061      0.8735061      0.8695886       0.865405
      0.8611667      0.8567752      0.8517548       0.846977      0.8416281
      0.8360995      0.8304582      0.8238501      0.8176039      0.8110561
       0.804498       0.796939      0.7889999      0.7811537      0.7726309
      0.7643458      0.7552816      0.7451837      0.7352787       0.724807
      0.7132072      0.7011349       0.688765       0.675068      0.6597755
      0.6430693      0.6266364      0.6081401      0.5865271       0.564308
      0.5394136      0.5109882       0.479434       0.443513      0.4023684
      0.3567396      0.3046109      0.2470458      0.1865433      0.1245444
     0.06470478     0.01766631              0

type = string-attribute
name = TEMPLATE_SPACE
count = 5
'ORIG~

type = integer-attribute
name = INT_CMAP
count = 1
 0

type = string-attribute
name = BYTEORDER_STRING
count = 10
'LSB_FIRST~
