
type = string-attribute
name = HISTORY_NOTE
count = 2420
'[xl872@yulab.nmr.mgh.harvard.edu: Tue May  2 20:09:34 2023] ===================================\n[xl872@yulab.nmr.mgh.harvard.edu: Tue May  2 20:09:34 2023] === History of inputs to 3dcalc ===\n[xl872@yulab.nmr.mgh.harvard.edu: Tue May  2 20:09:34 2023] === Input a:\n[xl872@yulab.nmr.mgh.harvard.edu: Tue May  2 20:09:34 2023] [xl872@yulab.nmr.mgh.harvard.edu: Tue May  2 20:09:19 2023] {AFNI_23.0.02:linux_centos_7_64} 3dTcat -prefix all_runs.allMice.average.stim pb03.allMice.average.stim.r01.blur+orig.HEAD\n[xl872@yulab.nmr.mgh.harvard.edu: Tue May  2 20:09:28 2023] {AFNI_23.0.02:linux_centos_7_64} 3dTstat -mean -prefix rm.signal.all all_runs.allMice.average.stim+orig\n[xl872@yulab.nmr.mgh.harvard.edu: Tue May  2 20:09:34 2023] === Input b:\n[xl872@yulab.nmr.mgh.harvard.edu: Tue May  2 20:09:34 2023] [xl872@yulab.nmr.mgh.harvard.edu: Tue May  2 20:00:16 2023] {AFNI_23.0.02:linux_centos_7_64} 3dDespike -NEW -nomask -prefix pb01.allMice.average.stim.r01.despike pb00.allMice.average.stim.r01.tcat+orig\n[xl872@yulab.nmr.mgh.harvard.edu: Tue May  2 20:00:24 2023] {AFNI_23.0.02:linux_centos_7_64} 3dvolreg -verbose -zpad 1 -base vr_base+orig -1Dfile dfile.r01.1D -prefix pb02.allMice.average.stim.r01.volreg -cubic pb01.allMice.average.stim.r01.despike+orig\n[xl872@yulab.nmr.mgh.harvard.edu: Tue May  2 20:08:35 2023] {AFNI_23.0.02:linux_centos_7_64} 3dmerge -1blur_fwhm 0.3 -doall -prefix pb03.allMice.average.stim.r01.blur pb02.allMice.average.stim.r01.volreg+orig\n[xl872@yulab.nmr.mgh.harvard.edu: Tue May  2 20:09:15 2023] 3dDeconvolve -input pb03.allMice.average.stim.r01.blur+orig.HEAD -mask mask_import_100mask+orig -ortvec motion_demean.1D mot_demean -ortvec motion_deriv.1D mot_deriv -polort 3 -float -num_stimts 1 -stim_times 1 stimuli/vis_stim_BLOCK.txt 'BLOCK(4,1)' -stim_label 1 vis -GOFORIT 10 -fout -tout -x1D X.xmat.1D -xjpeg X.jpg -errts errts.allMice.average.stim -bucket stats.allMice.average.stim ; Output prefix: errts.allMice.average.stim\n[xl872@yulab.nmr.mgh.harvard.edu: Tue May  2 20:09:34 2023] {AFNI_23.0.02:linux_centos_7_64} 3dTstat -stdev -prefix rm.noise.all errts.allMice.average.stim+orig\n[xl872@yulab.nmr.mgh.harvard.edu: Tue May  2 20:09:34 2023] ===================================\n[xl872@yulab.nmr.mgh.harvard.edu: Tue May  2 20:09:34 2023] {AFNI_23.0.02:linux_centos_7_64} 3dcalc -a rm.signal.all+orig -b rm.noise.all+orig -expr a/b -prefix TSNR.allMice.average.stim~

type = string-attribute
name = TYPESTRING
count = 15
'3DIM_HEAD_FUNC~

type = string-attribute
name = IDCODE_STRING
count = 27
'AFN_E2Y4k-WLAiWSEbpYiuifow~

type = string-attribute
name = IDCODE_DATE
count = 25
'Tue May  2 20:09:34 2023~

type = integer-attribute
name = SCENE_DATA
count = 8
 0 11 1 -999 -999
 -999 -999 -999

type = string-attribute
name = LABEL_1
count = 5
'zyxt~

type = string-attribute
name = LABEL_2
count = 5
'zyxt~

type = string-attribute
name = DATASET_NAME
count = 5
'zyxt~

type = integer-attribute
name = ORIENT_SPECIFIC
count = 3
 1 2 4

type  = float-attribute
name  = ORIGIN
count = 3
          5.041         9.7895         -3.691

type  = float-attribute
name  = DELTA
count = 3
           -0.1           -0.1            0.1

type  = float-attribute
name  = IJK_TO_DICOM
count = 12
           -0.1              0              0          5.041              0
           -0.1              0         9.7895              0              0
            0.1         -3.691

type  = float-attribute
name  = IJK_TO_DICOM_REAL
count = 12
           -0.1              0              0          5.041              0
           -0.1              0         9.7895              0              0
            0.1         -3.691

type  = float-attribute
name  = BRICK_STATS
count = 2
    -0.08625987      0.1236072

type = integer-attribute
name = DATASET_RANK
count = 8
 3 1 0 0 0
 0 0 0

type = integer-attribute
name = DATASET_DIMENSIONS
count = 5
 102 197 75 0 0

type = integer-attribute
name = BRICK_TYPES
count = 1
 3

type  = float-attribute
name  = BRICK_FLOAT_FACS
count = 1
              0

type = string-attribute
name = BRICK_LABS
count = 5
'Mean~

type = string-attribute
name = BRICK_KEYWORDS
count = 1
'~

type = string-attribute
name = TEMPLATE_SPACE
count = 5
'ORIG~

type = integer-attribute
name = INT_CMAP
count = 1
 0

type = string-attribute
name = BYTEORDER_STRING
count = 10
'LSB_FIRST~
