
type = string-attribute
name = HISTORY_NOTE
count = 2039
'[xl872@yulab.nmr.mgh.harvard.edu: Fri Apr 28 14:46:20 2023] to3d -time:zt 36 205 2000 zero -omri -prefix 07292022.13.an200epi.1 -session /local_mount/space/yulab/4/users/Xiaochen/mouse_data/07292022/200_proc/9/ -view orig -xFOV 7.20R-L -yFOV 4.80S-I -zFOV 3.60A-P -skip_outliers 3D:0:0:144:96:7380:/local_mount/space/yulab/1/users/Xiaochen/07292022/13/pdata/1/2dseq\n[xl872@yulab.nmr.mgh.harvard.edu: Fri Apr 28 14:46:21 2023] {AFNI_23.0.02:linux_centos_7_64} 3dresample -dxyz 0.1 0.1 0.1 -prefix rm.07292022.13.an200epi.resamp -input 07292022.13.an200epi.1+orig\n[xl872@yulab.nmr.mgh.harvard.edu: Fri Apr 28 14:50:38 2023] {AFNI_23.0.02:linux_centos_7_64} 3dAllineate -base reg.07292022.flash+orig -input rm.07292022.13.an200epi.resamp+orig -1Dmatrix_apply rm.13.base_to_AMBMC.1D -mast_dxyz 0.1 -source_automask -prefix reg.07292022.13.an200epi_regtotemp\n[xl872@yulab.nmr.mgh.harvard.edu: Tue May 16 12:34:28 2023] {AFNI_23.0.02:linux_centos_7_64} 3dTstat -mean -prefix rm.13.epi_base reg.07292022.13.an200epi_regtotemp+orig\n[xl872@yulab.nmr.mgh.harvard.edu: Tue May 16 12:34:38 2023] {AFNI_23.0.02:linux_centos_7_64} 3dMean -prefix rm.07292022.9.EPIbase rm.13.epi_base+orig rm.14.epi_base+orig rm.15.epi_base+orig\n[xl872@yulab.nmr.mgh.harvard.edu: Tue May 16 12:34:38 2023] {AFNI_23.0.02:linux_centos_7_64} 3dcopy rm.07292022.9.EPIbase /local_mount/space/yulab/4/users/Xiaochen/aveT1EPI//07292022.9.EPIbase\n[xl872@yulab.nmr.mgh.harvard.edu: Tue May 16 12:40:17 2023] {AFNI_23.0.02:linux_centos_7_64} 3dMean -prefix WT.EPIbase 07292022.9.EPIbase+orig 07312022.7.EPIbase+orig 08102022.2.EPIbase+orig 08102022.4.EPIbase+orig 08112022.7.EPIbase+orig 08112022.3.EPIbase+orig 08112022.2.EPIbase+orig 09272022.2.EPIbase+orig 09272022.3.EPIbase+orig 10032022.3.EPIbase+orig 10252022.6.EPIbase+orig 10282022.s4.EPIbase+orig 01112023.7.EPIbase+orig 01252023.12.EPIbase+orig 01252023.13.EPIbase+orig 03092023.7.EPIbase+orig 03092023.8.EPIbase+orig 03102023.8.EPIbase+orig 03302023.9.EPIbase+orig 03302023.4.EPIbase+orig 03312023.9.EPIbase+orig~

type = string-attribute
name = TYPESTRING
count = 15
'3DIM_HEAD_FUNC~

type = string-attribute
name = IDCODE_STRING
count = 27
'AFN_hMTQw_9SiFQF7YWaz6pIpA~

type = string-attribute
name = IDCODE_DATE
count = 25
'Tue May 16 12:40:17 2023~

type = integer-attribute
name = SCENE_DATA
count = 8
 0 11 1 -999 -999
 -999 -999 -999

type = string-attribute
name = LABEL_1
count = 5
'zyxt~

type = string-attribute
name = LABEL_2
count = 5
'zyxt~

type = string-attribute
name = DATASET_NAME
count = 5
'zyxt~

type = integer-attribute
name = ORIENT_SPECIFIC
count = 3
 1 2 4

type  = float-attribute
name  = ORIGIN
count = 3
          5.041         9.7895         -3.691

type  = float-attribute
name  = DELTA
count = 3
           -0.1           -0.1            0.1

type  = float-attribute
name  = IJK_TO_DICOM
count = 12
           -0.1              0              0          5.041              0
           -0.1              0         9.7895              0              0
            0.1         -3.691

type  = float-attribute
name  = IJK_TO_DICOM_REAL
count = 12
           -0.1              0              0          5.041              0
           -0.1              0         9.7895              0              0
            0.1         -3.691

type  = float-attribute
name  = BRICK_STATS
count = 2
       0.482772       4976.801

type = integer-attribute
name = DATASET_RANK
count = 8
 3 1 0 0 0
 0 0 0

type = integer-attribute
name = DATASET_DIMENSIONS
count = 5
 102 197 75 0 0

type = integer-attribute
name = BRICK_TYPES
count = 1
 3

type  = float-attribute
name  = BRICK_FLOAT_FACS
count = 1
              0

type = string-attribute
name = BRICK_LABS
count = 5
'Mean~

type = string-attribute
name = BRICK_KEYWORDS
count = 1
'~

type = string-attribute
name = TEMPLATE_SPACE
count = 5
'ORIG~

type = integer-attribute
name = INT_CMAP
count = 1
 0

type = string-attribute
name = BYTEORDER_STRING
count = 10
'LSB_FIRST~
